GEM
  remote: https://rubygems.org/
  specs:
    net-sftp (2.1.2)
      net-ssh (>= 2.6.5)
    net-ssh (2.9.2)

PLATFORMS
  ruby

DEPENDENCIES
  net-sftp
